PATH
  remote: .
  specs:
    ruby-static-tracing (0.0.13)
      unmixer

GEM
  remote: https://rubygems.org/
  specs:
    byebug (11.0.1)
    coderay (1.1.2)
    metaclass (0.0.4)
    method_source (0.9.2)
    minitest (5.11.3)
    mocha (1.8.0)
      metaclass (~> 0.0.1)
    pry (0.12.2)
      coderay (~> 1.1.0)
      method_source (~> 0.9.0)
    pry-byebug (3.7.0)
      byebug (~> 11.0)
      pry (~> 0.10)
    rake (10.5.0)
    rake-compiler (0.9.9)
      rake
    unmixer (0.4.0)

PLATFORMS
  ruby

DEPENDENCIES
  minitest
  mocha
  pry-byebug
  rake (< 11.0)
  rake-compiler (~> 0.9)
  ruby-static-tracing!

BUNDLED WITH
   2.0.1
