PATH
  remote: .
  specs:
    ruby-static-tracing (0.0.1)

GEM
  remote: https://rubygems.org/
  specs:
    metaclass (0.0.4)
    minitest (5.11.3)
    mocha (1.8.0)
      metaclass (~> 0.0.1)
    rake (10.5.0)
    rake-compiler (0.9.9)
      rake

PLATFORMS
  ruby

DEPENDENCIES
  minitest
  mocha
  rake (< 11.0)
  rake-compiler (~> 0.9)
  ruby-static-tracing!

BUNDLED WITH
   1.17.3
